GIT
  remote: git://github.com/mitchellh/radar.git
  revision: cec6c4b
  specs:
    radar (0.4.0.dev)
      builder (~> 2.0)
      json (>= 1.4.6)

GIT
  remote: git://github.com/mitchellh/virtualbox.git
  revision: 69db76b
  specs:
    virtualbox (0.7.5)
      ffi (>= 0.6.3)

PATH
  remote: .
  specs:
    vagrant (0.6.0.dev)
      archive-tar-minitar (= 0.5.2)
      erubis (~> 2.6.6)
      json (~> 1.4.6)
      mario (~> 0.0.6)
      net-scp (~> 1.0.3)
      net-ssh (~> 2.0.23)
      radar
      virtualbox (~> 0.7.3)

GEM
  remote: http://rubygems.org/
  specs:
    abstract (1.0.0)
    archive-tar-minitar (0.5.2)
    builder (2.1.2)
    contest (0.1.2)
    erubis (2.6.6)
      abstract (>= 1.0.0)
    ffi (0.6.3)
      rake (>= 0.8.7)
    json (1.4.6)
    mario (0.0.6)
    mocha (0.9.8)
      rake
    net-scp (1.0.3)
      net-ssh (>= 1.99.1)
    net-ssh (2.0.23)
    rake (0.8.7)
    yard (0.5.8)

PLATFORMS
  ruby

DEPENDENCIES
  contest (>= 0.1.2)
  mocha
  radar!
  rake
  vagrant!
  virtualbox!
  yard
